GEM
  remote: http://rubygems.org/
  specs:
    callsite (0.0.11)
    daemons (1.1.8)
    eventmachine (0.12.10)
    rack (1.3.6)
    renee (0.4.0.pre1)
      callsite (~> 0.0.6)
      rack (~> 1.3.0)
      tilt (~> 1.3.3)
    shotgun (0.9)
      rack (>= 1.0)
    sqlite3 (1.3.5)
    thin (1.3.1)
      daemons (>= 1.0.9)
      eventmachine (>= 0.12.6)
      rack (>= 1.0.0)
    tilt (1.3.3)

PLATFORMS
  ruby

DEPENDENCIES
  renee (= 0.4.0.pre1)
  shotgun
  sqlite3
  thin
